NUGET
  remote: https://nuget.org/api/v2
  specs:
    gitlink (2.0.0)
    json-ld.net (1.0.3)
      Newtonsoft.Json (>= 4.0.1)
    Newtonsoft.Json (6.0.6)
    StyleCop.MSBuild (4.7.49)
    StyleCopPlus.MSBuild (4.7.49.5)
      StyleCop.MSBuild (>= 4.7.49.0)
    Zoltu.Versioning (1.1.29)
